PATH
  remote: .
  specs:
    hijri_umm_alqura (1.0.0)

GEM
  remote: https://rubygems.org/
  specs:
    rake (10.1.0)

PLATFORMS
  ruby

DEPENDENCIES
  bundler (~> 1.3)
  hijri_umm_alqura!
  rake
